GEM
  remote: https://rubygems.org/
  specs:
    activesupport (4.2.6)
      i18n (~> 0.7)
      json (~> 1.7, >= 1.7.7)
      minitest (~> 5.1)
      thread_safe (~> 0.3, >= 0.3.4)
      tzinfo (~> 1.1)
    addressable (2.4.0)
    aws-sdk (1.66.0)
      aws-sdk-v1 (= 1.66.0)
    aws-sdk-v1 (1.66.0)
      json (~> 1.4)
      nokogiri (>= 1.4.4)
    babosa (1.0.2)
    cert (0.2.1)
      fastlane_core (>= 0.7.2)
    certified (1.0.0)
    claide (0.9.1)
    cocoapods (0.39.0)
      activesupport (>= 4.0.2)
      claide (~> 0.9.1)
      cocoapods-core (= 0.39.0)
      cocoapods-downloader (~> 0.9.3)
      cocoapods-plugins (~> 0.4.2)
      cocoapods-search (~> 0.1.0)
      cocoapods-stats (~> 0.6.2)
      cocoapods-trunk (~> 0.6.4)
      cocoapods-try (~> 0.5.1)
      colored (~> 1.2)
      escape (~> 0.0.4)
      molinillo (~> 0.4.0)
      nap (~> 1.0)
      xcodeproj (~> 0.28.2)
    cocoapods-core (0.39.0)
      activesupport (>= 4.0.2)
      fuzzy_match (~> 2.0.4)
      nap (~> 1.0)
    cocoapods-downloader (0.9.3)
    cocoapods-plugins (0.4.2)
      nap
    cocoapods-search (0.1.0)
    cocoapods-stats (0.6.2)
    cocoapods-trunk (0.6.4)
      nap (>= 0.8, < 2.0)
      netrc (= 0.7.8)
    cocoapods-try (0.5.1)
    colored (1.2)
    commander (4.3.5)
      highline (~> 1.7.2)
    credentials_manager (0.16.0)
      colored
      commander (>= 4.3.5)
      highline (>= 1.7.1)
      security
    cupertino (1.3.4)
      certified (~> 1.0.0)
      commander (~> 4.3)
      highline (>= 1.7.1)
      mechanize (~> 2.5.1)
      nokogiri (~> 1.6.3)
      security (~> 0.1.2)
      term-ansicolor (~> 1.0.7)
      terminal-table (~> 1.4.5)
    deliver (0.13.5)
      credentials_manager (>= 0.3.0)
      excon
      fastimage (~> 1.6.3)
      fastlane_core (>= 0.17.1, < 1.0.0)
      nokogiri (~> 1.6.5)
      plist (~> 3.1)
      rubyzip (~> 1.1.6)
    domain_name (0.5.20160615)
      unf (>= 0.0.5, < 1.0.0)
    dotenv (2.1.1)
    escape (0.0.4)
    excon (0.45.4)
    faraday (0.8.11)
      multipart-post (~> 1.2.0)
    faraday_middleware (0.10.0)
      faraday (>= 0.7.4, < 0.10)
    fastimage (1.6.8)
      addressable (~> 2.3, >= 2.3.5)
    fastlane (1.0.2)
      aws-sdk (~> 1.0)
      cert (>= 0.2.0)
      cupertino (>= 1.3.3)
      deliver (>= 0.9.4)
      fastlane_core (>= 0.7.2)
      frameit (>= 1.0.1)
      krausefx-shenzhen (= 0.14.2)
      nokogiri (~> 1.6)
      pem (>= 0.5.5)
      produce (>= 0.2.1)
      sigh (>= 0.5.1)
      slack-notifier (~> 1.0)
      snapshot (>= 0.8.0)
      terminal-notifier (~> 1.6.2)
      terminal-table (~> 1.4.5)
      xcodeproj (~> 0.20)
      xcpretty (~> 0.1)
    fastlane_core (0.48.0)
      babosa
      colored
      commander (= 4.3.5)
      credentials_manager (>= 0.16.0, < 1.0.0)
      excon (~> 0.45.0)
      gh_inspector (>= 1.0.1, < 2.0.0)
      highline (>= 1.7.2)
      json
      multi_json
      plist (~> 3.1)
      rubyzip (~> 1.1.6)
      terminal-table (~> 1.4.5)
    fastlane_env_lanes (0.2.2)
      dotenv (>= 0.7, < 3.0)
      fastlane (>= 0.12, < 1.1)
    frameit (2.7.0)
      deliver (> 0.3)
      fastimage (~> 1.6.3)
      fastlane_core (>= 0.36.1, < 1.0.0)
      mini_magick (~> 4.5.1)
    fuzzy_match (2.0.4)
    gh_inspector (1.0.1)
    highline (1.7.8)
    i18n (0.7.0)
    json (1.8.3)
    krausefx-shenzhen (0.14.2)
      aws-sdk (~> 1.0)
      commander (~> 4.3)
      dotenv (>= 0.7)
      faraday (~> 0.8.9)
      faraday_middleware (~> 0.9)
      highline (>= 1.7.2)
      json (~> 1.8)
      net-sftp (~> 2.1.2)
      plist (~> 3.1.0)
      rubyzip (~> 1.1)
      security (~> 0.1.3)
      terminal-table (~> 1.4.5)
    mechanize (2.5.1)
      domain_name (~> 0.5, >= 0.5.1)
      mime-types (~> 1.17, >= 1.17.2)
      net-http-digest_auth (~> 1.1, >= 1.1.1)
      net-http-persistent (~> 2.5, >= 2.5.2)
      nokogiri (~> 1.4)
      ntlm-http (~> 0.1, >= 0.1.1)
      webrobots (~> 0.0, >= 0.0.9)
    mime-types (1.25.1)
    mini_magick (4.5.1)
    mini_portile2 (2.1.0)
    minitest (5.9.0)
    molinillo (0.4.5)
    multi_json (1.12.1)
    multi_xml (0.5.5)
    multipart-post (1.2.0)
    nap (1.1.0)
    net-http-digest_auth (1.4)
    net-http-persistent (2.9.4)
    net-sftp (2.1.2)
      net-ssh (>= 2.6.5)
    net-ssh (3.2.0)
    netrc (0.7.8)
    nokogiri (1.6.8)
      mini_portile2 (~> 2.1.0)
      pkg-config (~> 1.1.7)
    ntlm-http (0.1.1)
    pem (0.6.4)
      fastlane_core (>= 0.7.2)
    pkg-config (1.1.7)
    plist (3.1.0)
    produce (0.2.1)
      fastlane_core (>= 0.5.0)
    rouge (1.11.1)
    rubyzip (1.1.7)
    security (0.1.3)
    sigh (0.6.0)
      fastlane_core (>= 0.7.6)
      plist (~> 3.1.0)
      spaceship (>= 0.0.8)
    slack-notifier (1.5.1)
    snapshot (1.12.3)
      fastimage (~> 1.6.3)
      fastlane_core (>= 0.36.1, < 1.0.0)
      plist (~> 3.1.0)
      xcpretty (>= 0.2.1)
    spaceship (0.0.8)
      credentials_manager (>= 0.5.0)
      faraday (~> 0.8.9)
      faraday_middleware (~> 0.9)
      multi_xml (~> 0.5)
      plist (~> 3.1)
    term-ansicolor (1.0.7)
    terminal-notifier (1.6.3)
    terminal-table (1.4.5)
    thread_safe (0.3.5)
    tzinfo (1.2.2)
      thread_safe (~> 0.1)
    unf (0.1.4)
      unf_ext
    unf_ext (0.0.7.2)
    webrobots (0.1.2)
    xcodeproj (0.28.2)
      activesupport (>= 3)
      claide (~> 0.9.1)
      colored (~> 1.2)
    xcpretty (0.2.2)
      rouge (~> 1.8)

PLATFORMS
  ruby

DEPENDENCIES
  cocoapods (~> 0.39.0)
  fastlane
  fastlane_env_lanes (~> 0.2)

RUBY VERSION
   ruby 2.0.0p648

BUNDLED WITH
   1.12.5
